GEM
  remote: https://rubygems.org/
  specs:
    multi_json (1.15.0)
    observer (0.1.2)
    pkg-config (1.5.6)
    rmagick (5.4.4)
      observer (~> 0.1)
      pkg-config (~> 1.4)
    streamio-ffmpeg (3.0.2)
      multi_json (~> 1.8)

PLATFORMS
  arm64-darwin-23

DEPENDENCIES
  rmagick
  streamio-ffmpeg

BUNDLED WITH
   2.3.26
